GIT
  remote: https://github.com/dentarg/guillotine.git
  revision: ab7f7d87cbd52b05b5f8296d21d5a17cddc993fe
  specs:
    guillotine (1.4.2)
      addressable (~> 2.3)
      sinatra (~> 1.4)

GEM
  remote: https://rubygems.org/
  specs:
    addressable (2.7.0)
      public_suffix (>= 2.0.2, < 5.0)
    public_suffix (4.0.5)
    puma (3.12.4)
    rack (1.6.13)
    rack-protection (1.5.5)
      rack
    redis (4.0.1)
    sinatra (1.4.8)
      rack (~> 1.5)
      rack-protection (~> 1.4)
      tilt (>= 1.3, < 3)
    tilt (2.0.10)

PLATFORMS
  ruby

DEPENDENCIES
  guillotine!
  puma
  redis

RUBY VERSION
   ruby 2.6.6p146

BUNDLED WITH
   1.17.3
