GIT
  remote: https://github.com/dentarg/guillotine.git
  revision: 2dba2398beaf3d837ba1fa30d8a055bcf3b141b4
  specs:
    guillotine (1.4.2)
      addressable (~> 2.3)
      sinatra (~> 1.4)

GEM
  remote: https://rubygems.org/
  specs:
    addressable (2.5.2)
      public_suffix (>= 2.0.2, < 4.0)
    public_suffix (3.0.2)
    puma (3.12.2)
    rack (1.6.12)
    rack-protection (1.5.5)
      rack
    redis (4.0.1)
    sinatra (1.4.8)
      rack (~> 1.5)
      rack-protection (~> 1.4)
      tilt (>= 1.3, < 3)
    tilt (2.0.8)

PLATFORMS
  ruby

DEPENDENCIES
  guillotine!
  puma
  redis

RUBY VERSION
   ruby 2.4.5p335

BUNDLED WITH
   1.17.3
