GIT
  remote: https://github.com/dentarg/guillotine.git
  revision: 271aa86444ae863322bb4aef7f9d00c69fefb0d4
  specs:
    guillotine (1.4.2)
      addressable (~> 2.3)
      sinatra (< 3)

GEM
  remote: https://rubygems.org/
  specs:
    addressable (2.8.0)
      public_suffix (>= 2.0.2, < 5.0)
    connection_pool (2.3.0)
    mustermann (2.0.2)
      ruby2_keywords (~> 0.0.1)
    nio4r (2.5.8)
    public_suffix (4.0.6)
    puma (6.2.1)
      nio4r (~> 2.0)
    rack (2.2.6.4)
    rack-protection (2.2.3)
      rack
    redis (5.0.6)
      redis-client (>= 0.9.0)
    redis-client (0.12.1)
      connection_pool
    ruby2_keywords (0.0.5)
    sinatra (2.2.3)
      mustermann (~> 2.0)
      rack (~> 2.2)
      rack-protection (= 2.2.3)
      tilt (~> 2.0)
    tilt (2.0.11)

PLATFORMS
  ruby

DEPENDENCIES
  guillotine!
  puma
  redis

RUBY VERSION
   ruby 3.2.1p31

BUNDLED WITH
   2.4.8
