GEM
  remote: https://rubygems.org/
  specs:
    addressable (2.2.8)
    guillotine (1.4.0)
      addressable (~> 2.2.6)
      sinatra (~> 1.2.6)
    puma (2.9.2)
      rack (>= 1.1, < 2.0)
    rack (1.6.2)
    redis (3.0.1)
    sinatra (1.2.8)
      rack (~> 1.1)
      tilt (>= 1.2.2, < 2.0)
    tilt (1.3.4)

PLATFORMS
  ruby

DEPENDENCIES
  guillotine (= 1.4.0)
  puma
  redis

RUBY VERSION
   ruby 2.4.3p205

BUNDLED WITH
   1.16.1
