GEM
  remote: https://rubygems.org/
  specs:
    addressable (2.2.8)
    backports (3.11.1)
    guillotine (1.4.0)
      addressable (~> 2.2.6)
      sinatra (~> 1.2.6)
    puma (3.11.3)
    rack (1.4.7)
    redis (4.0.1)
    sinatra (1.2.9)
      backports
      rack (~> 1.1, < 1.5)
      tilt (>= 1.2.2, < 2.0)
    tilt (1.4.1)

PLATFORMS
  ruby

DEPENDENCIES
  guillotine (= 1.4.0)
  puma
  redis

RUBY VERSION
   ruby 2.4.3p205

BUNDLED WITH
   1.16.1
